GEM
  remote: http://rubygems.org/
  specs:
    SystemTimer (1.2.3)
    bson (1.3.1)
    bson_ext (1.3.1)
    git (1.2.5)
    jeweler (1.6.4)
      bundler (~> 1.0)
      git (>= 1.2.5)
      rake
    mongo (1.3.1)
      bson (>= 1.3.1)
    rake (0.9.2)
    rcov (0.9.10)
    shoulda (2.11.3)

PLATFORMS
  ruby

DEPENDENCIES
  SystemTimer (>= 1.2.3)
  bson (>= 1.3.1)
  bson_ext (>= 1.3.1)
  bundler (~> 1.0.0)
  jeweler (~> 1.6.4)
  mongo (>= 1.3.1)
  rcov
  shoulda
